GEM
  remote: http://rubygems.org/
  specs:
    paint (2.0.0)
    terminal-table (1.7.3)
      unicode-display_width (~> 1.1.1)
    unicode-display_width (1.1.3)

PLATFORMS
  ruby

DEPENDENCIES
  paint
  terminal-table

BUNDLED WITH
   1.14.6
